PATH
  remote: .
  specs:
    headline_sources (0.0.1)
      activerecord
      activesupport
      colorize
      feedjira
      foreman
      nokogiri
      pg
      snoo
      thor

GEM
  remote: https://rubygems.org/
  specs:
    activemodel (4.1.1)
      activesupport (= 4.1.1)
      builder (~> 3.1)
    activerecord (4.1.1)
      activemodel (= 4.1.1)
      activesupport (= 4.1.1)
      arel (~> 5.0.0)
    activesupport (4.1.1)
      i18n (~> 0.6, >= 0.6.9)
      json (~> 1.7, >= 1.7.7)
      minitest (~> 5.1)
      thread_safe (~> 0.1)
      tzinfo (~> 1.1)
    addressable (2.3.8)
    arel (5.0.1.20140414130214)
    builder (3.2.2)
    colorize (0.7.3)
    curb (0.8.5)
    dotenv (0.7.0)
    faviconduit (0.1.0)
      addressable
      nokogiri
    feedbag (0.9.5)
      nokogiri (~> 1.0)
    feedjira (1.3.0)
      curb (~> 0.8.1)
      loofah (~> 2.0.0)
      sax-machine (~> 0.2.1)
    foreman (0.66.0)
      dotenv (~> 0.7.0)
      thor (~> 0.19.1)
    httparty (0.13.1)
      json (~> 1.8)
      multi_xml (>= 0.5.2)
    i18n (0.6.9)
    json (1.8.1)
    loofah (2.0.0)
      nokogiri (>= 1.5.9)
    mini_portile (0.6.0)
    minitest (5.3.4)
    multi_xml (0.5.5)
    nokogiri (1.6.2.1)
      mini_portile (= 0.6.0)
    pg (0.17.1)
    rake (10.1.1)
    rmagick (2.15.0)
    sax-machine (0.2.1)
      nokogiri (~> 1.6.0)
    snoo (0.1.2)
      httparty
      nokogiri
    thor (0.19.1)
    thread_safe (0.3.4)
    tzinfo (1.2.0)
      thread_safe (~> 0.1)

PLATFORMS
  ruby

DEPENDENCIES
  bundler (~> 1.3)
  faviconduit
  feedbag
  headline_sources!
  rake
  rmagick
