PATH
  remote: .
  specs:
    headline_sources (0.0.1)
      activerecord
      activesupport
      colorize
      feedjira
      foreman
      htmlentities
      nokogiri
      pg
      sanitize
      snoo
      thor

GEM
  remote: https://rubygems.org/
  specs:
    activemodel (4.2.1)
      activesupport (= 4.2.1)
      builder (~> 3.1)
    activerecord (4.2.1)
      activemodel (= 4.2.1)
      activesupport (= 4.2.1)
      arel (~> 6.0)
    activesupport (4.2.1)
      i18n (~> 0.7)
      json (~> 1.7, >= 1.7.7)
      minitest (~> 5.1)
      thread_safe (~> 0.3, >= 0.3.4)
      tzinfo (~> 1.1)
    addressable (2.3.8)
    arel (6.0.0)
    builder (3.2.2)
    colorize (0.7.7)
    crass (1.0.2)
    curb (0.9.10)
    faviconduit (0.1.0)
      addressable
      nokogiri
    feedbag (0.9.5)
      nokogiri (~> 1.0)
    feedjira (1.6.0)
      curb (~> 0.8)
      loofah (~> 2.0)
      sax-machine (~> 1.0)
    foreman (0.78.0)
      thor (~> 0.19.1)
    htmlentities (4.3.3)
    httparty (0.13.3)
      json (~> 1.8)
      multi_xml (>= 0.5.2)
    i18n (0.7.0)
    json (1.8.6)
    loofah (2.0.2)
      nokogiri (>= 1.5.9)
    mini_portile2 (2.4.0)
    minitest (5.6.1)
    multi_xml (0.5.5)
    nokogiri (1.10.9)
      mini_portile2 (~> 2.4.0)
    nokogumbo (1.4.1)
      nokogiri
    pg (0.18.1)
    rake (10.1.1)
    rmagick (4.1.0.rc2)
    sanitize (4.0.0)
      crass (~> 1.0.2)
      nokogiri (>= 1.4.4)
      nokogumbo (= 1.4.1)
    sax-machine (1.3.2)
    snoo (0.1.2)
      httparty
      nokogiri
    thor (0.19.1)
    thread_safe (0.3.5)
    tzinfo (1.2.2)
      thread_safe (~> 0.1)

PLATFORMS
  ruby

DEPENDENCIES
  bundler
  faviconduit
  feedbag
  headline_sources!
  rake
  rmagick (>= 4.1.0.rc2)

RUBY VERSION
   ruby 2.4.9p362

BUNDLED WITH
   2.0.2
