PATH
  remote: .
  specs:
    headline_sources (0.0.1)
      activerecord
      activesupport
      colorize
      feedjira
      foreman
      htmlentities
      nokogiri
      pg
      sanitize
      snoo
      thor

GEM
  remote: https://rubygems.org/
  specs:
    activemodel (5.2.8.1)
      activesupport (= 5.2.8.1)
    activerecord (5.2.8.1)
      activemodel (= 5.2.8.1)
      activesupport (= 5.2.8.1)
      arel (>= 9.0)
    activesupport (5.2.8.1)
      concurrent-ruby (~> 1.0, >= 1.0.2)
      i18n (>= 0.7, < 2)
      minitest (~> 5.1)
      tzinfo (~> 1.1)
    addressable (2.3.8)
    arel (9.0.0)
    colorize (0.8.1)
    concurrent-ruby (1.1.10)
    crass (1.0.6)
    faviconduit (0.1.0)
      addressable
      nokogiri
    feedbag (0.9.5)
      nokogiri (~> 1.0)
    feedjira (3.2.1)
      loofah (>= 2.3.1)
      sax-machine (>= 1.0)
    foreman (0.87.2)
    htmlentities (4.3.4)
    httparty (0.20.0)
      mime-types (~> 3.0)
      multi_xml (>= 0.5.2)
    i18n (1.12.0)
      concurrent-ruby (~> 1.0)
    loofah (2.18.0)
      crass (~> 1.0.2)
      nokogiri (>= 1.5.9)
    mime-types (3.4.1)
      mime-types-data (~> 3.2015)
    mime-types-data (3.2022.0105)
    mini_portile2 (2.8.0)
    minitest (5.16.3)
    multi_xml (0.6.0)
    nokogiri (1.13.8)
      mini_portile2 (~> 2.8.0)
      racc (~> 1.4)
    pg (1.4.3)
    racc (1.6.0)
    rake (13.0.6)
    rmagick (4.1.0.rc2)
    sanitize (6.0.0)
      crass (~> 1.0.2)
      nokogiri (>= 1.12.0)
    sax-machine (1.3.2)
    snoo (0.1.2)
      httparty
      nokogiri
    thor (1.2.1)
    thread_safe (0.3.6)
    tzinfo (1.2.10)
      thread_safe (~> 0.1)

PLATFORMS
  ruby

DEPENDENCIES
  activerecord (> 5, < 6)
  bundler
  faviconduit
  feedbag
  headline_sources!
  pg (> 0.18, < 2)
  rake
  rmagick (>= 4.1.0.rc2)

RUBY VERSION
   ruby 2.7.6p219

BUNDLED WITH
   2.1.4
