PATH
  remote: .
  specs:
    headline_sources (0.0.1)
      colorize
      nokogiri
      snoo
      thor

GEM
  remote: https://rubygems.org/
  specs:
    colorize (0.5.8)
    httparty (0.12.0)
      json (~> 1.8)
      multi_xml (>= 0.5.2)
    json (1.8.1)
    mini_portile (0.5.2)
    multi_xml (0.5.5)
    nokogiri (1.6.1)
      mini_portile (~> 0.5.0)
    rake (10.1.1)
    snoo (0.1.2)
      httparty
      nokogiri
    thor (0.18.1)

PLATFORMS
  ruby

DEPENDENCIES
  bundler (~> 1.3)
  headline_sources!
  rake
